GEM
  remote: http://rubygems.org/
  specs:
    bootstrap-sass (3.2.0.2)
      sass (~> 3.2)
    rack (1.6.4)
    rack-protection (1.5.3)
      rack
    sass (3.4.14)
    shotgun (0.9.1)
      rack (>= 1.0)
    sinatra (1.4.6)
      rack (~> 1.4)
      rack-protection (~> 1.4)
      tilt (>= 1.3, < 3)
    tilt (2.0.1)

PLATFORMS
  ruby

DEPENDENCIES
  bootstrap-sass (~> 3.2.0)
  shotgun
  sinatra
